GEM
  remote: https://rubygems.org/
  specs:
    activesupport (3.2.18)
      i18n (>= 0.6.4, ~> 0.6)
      multi_json (~> 1.0)
    diff-lcs (1.2.5)
    i18n (0.6.9)
    multi_json (1.10.1)
    rake (10.3.2)
    rspec (2.14.1)
      rspec-core (~> 2.14.0)
      rspec-expectations (~> 2.14.0)
      rspec-mocks (~> 2.14.0)
    rspec-core (2.14.8)
    rspec-expectations (2.14.5)
      diff-lcs (< 2.0, >= 1.1.3)
    rspec-mocks (2.14.6)

PLATFORMS
  ruby

DEPENDENCIES
  activesupport
  rake
  rspec (>= 2.14)
