GEM
  remote: https://rubygems.org/
  specs:
    diff-lcs (1.2.5)
    rake (10.3.2)
    rspec-core (2.14.8)
    rspec-expectations (2.14.5)
      diff-lcs (< 2.0, >= 1.1.3)

PLATFORMS
  ruby

DEPENDENCIES
  rake
  rspec-core
  rspec-expectations
